GIT
  remote: https://github.com/documentcloud/closure-compiler.git
  revision: 4ae44367b68cf23f7b7bbc874959dd8c3d0f1e29
  specs:
    closure-compiler (1.1.12)

GEM
  specs:

PLATFORMS
  ruby

DEPENDENCIES
  closure-compiler!

BUNDLED WITH
   1.14.3
